GEM
  remote: http://ruby.taobao.org/
  specs:
    eventmachine (1.0.3)
    http_parser.rb (0.6.0)

PLATFORMS
  ruby

DEPENDENCIES
  eventmachine
  http_parser.rb
